GEM
  remote: https://rubygems.org/
  specs:
    ast (2.3.0)
    byebug (9.0.6)
    coderay (1.1.1)
    deep_merge (1.2.1)
    diff-lcs (1.3)
    docile (1.1.5)
    docker-api (1.33.6)
      excon (>= 0.38.0)
      json
    excon (0.59.0)
    ffi (1.9.25)
    formatador (0.2.5)
    frankenstein (1.1.0)
      prometheus-client (= 0.8.0)
      rack (~> 2.0)
    guard (2.14.1)
      formatador (>= 0.2.4)
      listen (>= 2.7, < 4.0)
      lumberjack (~> 1.0)
      nenv (~> 0.1)
      notiffany (~> 0.0)
      pry (>= 0.9.12)
      shellany (~> 0.0)
      thor (>= 0.18.1)
    guard-compat (1.2.1)
    guard-rspec (4.7.3)
      guard (~> 2.1)
      guard-compat (~> 1.1)
      rspec (>= 2.99.0, < 4.0)
    guard-rubocop (1.3.0)
      guard (~> 2.0)
      rubocop (~> 0.20)
    json (2.1.0)
    listen (3.1.5)
      rb-fsevent (~> 0.9, >= 0.9.4)
      rb-inotify (~> 0.9, >= 0.9.7)
      ruby_dep (~> 1.2)
    loggerstash (0.0.5)
      logstash_writer (~> 0.0)
    logstash_writer (0.0.9)
      prometheus-client (= 0.8.0)
    lumberjack (1.0.12)
    method_source (0.8.2)
    msgpack (1.2.4)
    murmurhash3 (0.1.6)
    nenv (0.3.0)
    notiffany (0.1.1)
      nenv (~> 0.1)
      shellany (~> 0.0)
    parallel (1.12.0)
    parser (2.4.0.0)
      ast (~> 2.2)
    powerpack (0.1.1)
    prometheus-client (0.8.0)
      quantile (~> 0.2.1)
    pry (0.10.4)
      coderay (~> 1.1.0)
      method_source (~> 0.8.1)
      slop (~> 3.4)
    pry-byebug (3.4.2)
      byebug (~> 9.0)
      pry (~> 0.10)
    quantile (0.2.1)
    rack (2.0.5)
    rainbow (2.2.2)
      rake
    rake (12.0.0)
    rb-fsevent (0.10.2)
    rb-inotify (0.9.10)
      ffi (>= 0.5.0, < 2)
    rbtrace (0.4.10)
      ffi (>= 1.0.6)
      msgpack (>= 0.4.3)
      trollop (>= 1.16.2)
    redcarpet (3.4.0)
    rspec (3.6.0)
      rspec-core (~> 3.6.0)
      rspec-expectations (~> 3.6.0)
      rspec-mocks (~> 3.6.0)
    rspec-core (3.6.0)
      rspec-support (~> 3.6.0)
    rspec-expectations (3.6.0)
      diff-lcs (>= 1.2.0, < 2.0)
      rspec-support (~> 3.6.0)
    rspec-mocks (3.6.0)
      diff-lcs (>= 1.2.0, < 2.0)
      rspec-support (~> 3.6.0)
    rspec-support (3.6.0)
    rubocop (0.49.1)
      parallel (~> 1.10)
      parser (>= 2.3.3.1, < 3.0)
      powerpack (~> 0.1)
      rainbow (>= 1.99.1, < 3.0)
      ruby-progressbar (~> 1.7)
      unicode-display_width (~> 1.0, >= 1.0.1)
    ruby-progressbar (1.8.1)
    ruby_dep (1.5.0)
    shellany (0.0.1)
    sigdump (0.2.4)
    simplecov (0.14.1)
      docile (~> 1.1.0)
      json (>= 1.8, < 3)
      simplecov-html (~> 0.10.0)
    simplecov-html (0.10.1)
    slop (3.6.0)
    thor (0.19.4)
    trollop (2.1.2)
    unicode-display_width (1.3.0)
    yard (0.9.16)

PLATFORMS
  ruby

DEPENDENCIES
  byebug
  deep_merge
  docker-api (~> 1.33)
  excon (~> 0.59)
  frankenstein (~> 1.1)
  guard-rspec
  guard-rubocop
  loggerstash (~> 0.0.2)
  logstash_writer (~> 0.0)
  murmurhash3 (~> 0.1)
  pry-byebug
  rake (>= 11)
  rbtrace (~> 0.4)
  redcarpet
  rspec
  rubocop
  sigdump
  simplecov
  yard

RUBY VERSION
   ruby 2.3.3p222

BUNDLED WITH
   1.16.5
